GIT
  remote: git://github.com/pwnall/codex.git
  revision: 12d612e3be021f19d8bfad64063fd7e9ea1116d3
  specs:
    codex (1.1.1)
      rubigen

GEM
  remote: http://rubygems.org/
  specs:
    RedCloth (4.2.9)
    activesupport (3.2.1)
      i18n (~> 0.6)
      multi_json (~> 1.0)
    i18n (0.6.0)
    multi_json (1.1.0)
    rake (0.9.2.2)
    rubigen (1.5.7)
      activesupport (>= 2.3.5)
      i18n

PLATFORMS
  ruby

DEPENDENCIES
  RedCloth (>= 4.2.9)
  codex (>= 1.1.1)!
  rake (>= 0.9.2.2)
